GEM
  remote: http://rubygems.org/
  specs:
    bio (1.4.2)
    bio-exportpred (0.0.1)
    bio-plasmoap (0.0.2)
      bio (>= 1.4.1)
      bio-signalp (>= 0.2.0)
    bio-signalp (0.2.0)
    bio-tm_hmm (0.2.0)
      bio (>= 1.4.1)
    reubypathdb (0.3.1)

PLATFORMS
  ruby

DEPENDENCIES
  bio (>= 1.4.2)
  bio-exportpred (>= 0.0.1)
  bio-plasmoap (>= 0.0.2)
  bio-signalp (>= 0.2.0)
  bio-tm_hmm (>= 0.2.0)
  reubypathdb (= 0.3.1)
